GIT
  remote: https://github.com/sparkleformation/sparkle_formation.git
  revision: 355f8f70012160d9775ef13c1e6d1b7495abdec3
  branch: develop
  specs:
    sparkle_formation (0.2.11)
      attribute_struct (~> 0.2.2)
      multi_json

GEM
  remote: https://rubygems.org/
  specs:
    attribute_struct (0.2.8)
    chef (11.18.0)
      chef-zero (~> 2.2, >= 2.2.1)
      diff-lcs (~> 1.2, >= 1.2.4)
      erubis (~> 2.7)
      ffi-yajl (~> 1.2)
      highline (~> 1.6, >= 1.6.9)
      mime-types (~> 1.16)
      mixlib-authentication (~> 1.3)
      mixlib-cli (~> 1.4)
      mixlib-config (~> 2.0)
      mixlib-log (~> 1.3)
      mixlib-shellout (~> 1.4)
      net-ssh (~> 2.6)
      net-ssh-multi (~> 1.1)
      ohai (~> 7.4)
      plist (~> 3.1.0)
      pry (~> 0.9)
      rest-client (>= 1.0.4, <= 1.6.7)
    chef-zero (2.2.1)
      ffi-yajl (~> 1.1)
      hashie (~> 2.0)
      mixlib-log (~> 1.3)
      rack
    coderay (1.1.0)
    diff-lcs (1.2.5)
    erubis (2.7.0)
    ffi (1.9.6)
    ffi-yajl (1.3.1)
      ffi (~> 1.5)
      libyajl2 (~> 1.2)
    form_data (0.1.0)
    hashie (2.1.2)
    highline (1.6.21)
    http (0.7.1)
      form_data (~> 0.1.0)
      http_parser.rb (~> 0.6.0)
    http_parser.rb (0.6.0)
    ipaddress (0.8.0)
    knife-cloudformation (0.2.16)
      chef
      miasma
      net-ssh
      sparkle_formation (~> 0.2.0)
    librarian (0.1.2)
      highline
      thor (~> 0.15)
    librarian-chef (0.0.4)
      chef (>= 0.10)
      librarian (~> 0.1.0)
      minitar (>= 0.5.2)
    libyajl2 (1.2.0)
    method_source (0.8.2)
    miasma (0.2.14)
      hashie
      http
      miasma-aws
      miasma-open-stack
      miasma-rackspace
      multi_json
      multi_xml
      xml-simple
    miasma-aws (0.1.2)
    miasma-open-stack (0.1.2)
    miasma-rackspace (0.1.2)
      miasma-open-stack
    mime-types (1.25.1)
    minitar (0.5.4)
    mixlib-authentication (1.3.0)
      mixlib-log
    mixlib-cli (1.5.0)
    mixlib-config (2.1.0)
    mixlib-log (1.6.0)
    mixlib-shellout (1.6.1)
    multi_json (1.10.1)
    multi_xml (0.5.5)
    net-ssh (2.9.2)
    net-ssh-gateway (1.2.0)
      net-ssh (>= 2.6.5)
    net-ssh-multi (1.2.0)
      net-ssh (>= 2.6.5)
      net-ssh-gateway (>= 1.2.0)
    ohai (7.4.1)
      ffi (~> 1.9)
      ffi-yajl (~> 1.1)
      ipaddress
      mime-types (~> 1.16)
      mixlib-cli
      mixlib-config (~> 2.0)
      mixlib-log
      mixlib-shellout (~> 1.2)
      systemu (~> 2.6.4)
      wmi-lite (~> 1.0)
    plist (3.1.0)
    pry (0.10.1)
      coderay (~> 1.1.0)
      method_source (~> 0.8.1)
      slop (~> 3.4)
    rack (1.6.0)
    rest-client (1.6.7)
      mime-types (>= 1.16)
    slop (3.6.0)
    systemu (2.6.4)
    thor (0.19.1)
    wmi-lite (1.0.0)
    xml-simple (1.1.4)

PLATFORMS
  ruby

DEPENDENCIES
  chef (< 12)
  knife-cloudformation
  librarian-chef
  sparkle_formation!
